PATH
  remote: ..
  specs:
    tekgurl (0.1.0)
      rack

GEM
  remote: http://rubygems.org/
  specs:
    rack (2.0.4)

PLATFORMS
  ruby

DEPENDENCIES
  tekgurl!

BUNDLED WITH
   1.16.1
